GEM
  remote: https://rubygems.org/
  specs:
    clipboard (2.0.0)
    event_stream_parser (1.0.0)
    faraday (2.12.0)
      faraday-net_http (>= 2.0, < 3.4)
      json
      logger
    faraday-multipart (1.0.4)
      multipart-post (~> 2)
    faraday-net_http (3.3.0)
      net-http
    json (2.7.4)
    logger (1.6.1)
    multipart-post (2.4.1)
    net-http (0.4.1)
      uri
    ruby-openai (7.3.1)
      event_stream_parser (>= 0.3.0, < 2.0.0)
      faraday (>= 1)
      faraday-multipart (>= 1)
    uri (0.13.1)

PLATFORMS
  arm64-darwin-23
  ruby

DEPENDENCIES
  clipboard
  ruby-openai

BUNDLED WITH
   2.5.6
